GEM
  remote: https://rubygems.org/
  specs:
    mysql2 (0.3.12b6)

PLATFORMS
  ruby

DEPENDENCIES
  mysql2 (= 0.3.12b6)
